GEM
  remote: http://rubygems.org/
  specs:
    RedCloth (4.2.3)
    actionmailer (2.3.5)
      actionpack (= 2.3.5)
    actionpack (2.3.5)
      activesupport (= 2.3.5)
      rack (~> 1.0.0)
    active-fedora (1.1.13)
      mime-types (>= 1.16)
      multipart-post
      nokogiri
      om (>= 0.1.9)
      solr-ruby (>= 0.0.6)
      xml-simple (>= 1.0.12)
    activerecord (2.3.5)
      activesupport (= 2.3.5)
    activeresource (2.3.5)
      activesupport (= 2.3.5)
    activesupport (2.3.5)
    authlogic (2.1.2)
      activesupport
    block_helpers (0.3.3)
      activesupport (>= 2.0)
    builder (2.1.2)
    columnize (0.3.1)
    crack (0.1.8)
    cucumber (0.8.5)
      builder (~> 2.1.2)
      diff-lcs (~> 1.1.2)
      gherkin (~> 2.1.4)
      json_pure (~> 1.4.3)
      term-ansicolor (~> 1.0.4)
    cucumber-rails (0.3.2)
      cucumber (>= 0.8.0)
    database_cleaner (0.5.2)
    diff-lcs (1.1.2)
    facets (2.8.4)
    gherkin (2.1.5)
      trollop (~> 1.16.2)
    haml (3.0.14)
    httparty (0.6.1)
      crack (= 0.1.8)
    json_pure (1.4.5)
    linecache (0.43)
    marc (0.3.0)
    mime-types (1.16)
    mocha (0.9.8)
      rake
    multipart-post (1.0.1)
    nokogiri (1.4.2)
    om (0.1.10)
      facets
      nokogiri
    rack (1.0.1)
    rack-test (0.5.4)
      rack (>= 1.0)
    rails (2.3.5)
      actionmailer (= 2.3.5)
      actionpack (= 2.3.5)
      activerecord (= 2.3.5)
      activeresource (= 2.3.5)
      activesupport (= 2.3.5)
      rake (>= 0.8.3)
    rake (0.8.7)
    rcov (0.9.8)
    rsolr (0.12.1)
      builder (>= 2.1.2)
    rsolr-ext (0.12.0)
      rsolr (>= 0.12.1)
    rspec (1.3.0)
    rspec-rails (1.3.2)
      rack (>= 1.0.0)
      rspec (>= 1.3.0)
    ruby-debug (0.10.3)
      columnize (>= 0.1)
      ruby-debug-base (~> 0.10.3.0)
    ruby-debug-base (0.10.3)
      linecache (>= 0.3)
    solr-ruby (0.0.8)
    solrizer (0.1.2)
      active-fedora (>= 1.1.5)
    sqlite3-ruby (1.3.1)
    term-ansicolor (1.0.5)
    trollop (1.16.2)
    webrat (0.7.1)
      nokogiri (>= 1.2.0)
      rack (>= 1.0)
      rack-test (>= 0.5.3)
    will_paginate (2.3.11)
    xml-simple (1.0.12)

PLATFORMS
  ruby

DEPENDENCIES
  RedCloth (= 4.2.3)
  actionmailer (= 2.3.5)
  actionpack (= 2.3.5)
  active-fedora (= 1.1.13)
  activerecord (= 2.3.5)
  activeresource (= 2.3.5)
  activesupport (= 2.3.5)
  authlogic (= 2.1.2)
  block_helpers (= 0.3.3)
  builder (= 2.1.2)
  columnize (= 0.3.1)
  crack (= 0.1.8)
  cucumber (= 0.8.5)
  cucumber-rails (= 0.3.2)
  database_cleaner (= 0.5.2)
  diff-lcs (= 1.1.2)
  facets (= 2.8.4)
  gherkin (= 2.1.5)
  haml (= 3.0.14)
  httparty (= 0.6.1)
  json_pure (> 1.4.3)
  linecache (= 0.43)
  marc (= 0.3.0)
  mime-types (= 1.16)
  mocha (= 0.9.8)
  multipart-post (= 1.0.1)
  nokogiri (= 1.4.2)
  om (= 0.1.10)
  rack (= 1.0.1)
  rack-test (= 0.5.4)
  rails (= 2.3.5)
  rake (= 0.8.7)
  rcov (= 0.9.8)
  rsolr (= 0.12.1)
  rsolr-ext (= 0.12.0)
  rspec (= 1.3.0)
  rspec-rails (= 1.3.2)
  ruby-debug (= 0.10.3)
  ruby-debug-base (= 0.10.3)
  solr-ruby (= 0.0.8)
  solrizer (= 0.1.2)
  sqlite3-ruby (= 1.3.1)
  term-ansicolor (= 1.0.5)
  trollop (= 1.16.2)
  webrat (= 0.7.1)
  will_paginate (= 2.3.11)
  xml-simple (= 1.0.12)
